GEM
  remote: https://rubygems.org/
  specs:
    ffi (1.12.2)
    natto (1.2.0)
      ffi (>= 1.9.0)

PLATFORMS
  ruby

DEPENDENCIES
  natto

BUNDLED WITH
   1.17.2
